GEM
  remote: http://rubygems.org/
  specs:
    abstract (1.0.0)
    archive-tar-minitar (0.5.2)
    erubis (2.6.6)
      abstract (>= 1.0.0)
    ffi (0.6.3)
      rake (>= 0.8.7)
    i18n (0.5.0)
    json (1.4.6)
    mario (0.0.6)
    net-scp (1.0.4)
      net-ssh (>= 1.99.1)
    net-ssh (2.1.0)
    rake (0.8.7)
    thor (0.14.6)
    vagrant (0.7.1)
      archive-tar-minitar (= 0.5.2)
      erubis (~> 2.6.6)
      i18n (~> 0.5.0)
      json (~> 1.4.6)
      mario (~> 0.0.6)
      net-scp (~> 1.0.4)
      net-ssh (~> 2.1.0)
      thor (~> 0.14.6)
      virtualbox (~> 0.8.3)
    virtualbox (0.8.3)
      ffi (~> 0.6.3)

PLATFORMS
  ruby

DEPENDENCIES
  vagrant
